GEM
  remote: https://rubygems.org/
  specs:
    ffi (1.9.10)
    hipchat (1.5.2)
      httparty
      mimemagic
    httparty (0.13.7)
      json (~> 1.8)
      multi_xml (>= 0.5.2)
    json (1.8.3)
    listen (3.0.4)
      rb-fsevent (>= 0.9.3)
      rb-inotify (>= 0.9)
    mimemagic (0.3.0)
    multi_xml (0.5.5)
    rack (1.6.4)
    rack-protection (1.5.3)
      rack
    rb-fsevent (0.9.6)
    rb-inotify (0.9.5)
      ffi (>= 0.5.0)
    rerun (0.11.0)
      listen (~> 3.0)
    sinatra (1.4.6)
      rack (~> 1.4)
      rack-protection (~> 1.4)
      tilt (>= 1.3, < 3)
    tilt (2.0.1)

PLATFORMS
  ruby

DEPENDENCIES
  hipchat (~> 1.5, >= 1.5.2)
  rerun (~> 0.11.0)
  sinatra (~> 1.4, >= 1.4.6)

BUNDLED WITH
   1.10.6
